PATH
  remote: .
  specs:
    weixin (1.0.0)
      faraday
      httpclient
      json

GEM
  remote: https://ruby.taobao.org/
  specs:
    faraday (0.9.0)
      multipart-post (>= 1.2, < 3)
    httpclient (2.5.3.2)
    json (1.8.1)
    minitest (5.4.2)
    multipart-post (2.0.0)

PLATFORMS
  ruby

DEPENDENCIES
  minitest (~> 5)
  weixin!
